PATH
  remote: .
  specs:
    wherex (1.0.8)
      activerecord (~> 3.0)
      arel (~> 2.0)

GEM
  remote: http://rubygems.org/
  specs:
    activemodel (3.1.12)
      activesupport (= 3.1.12)
      builder (~> 3.0.0)
      i18n (~> 0.6)
    activerecord (3.1.12)
      activemodel (= 3.1.12)
      activesupport (= 3.1.12)
      arel (~> 2.2.3)
      tzinfo (~> 0.3.29)
    activesupport (3.1.12)
      multi_json (~> 1.0)
    ansi (1.2.2)
    arel (2.2.3)
    builder (3.0.4)
    i18n (0.6.11)
    multi_json (1.10.1)
    rake (0.8.7)
    rcov (0.9.9)
    redgreen (1.2.2)
    sqlite3 (1.3.5)
    turn (0.8.2)
      ansi (>= 1.2.2)
    tzinfo (0.3.42)

PLATFORMS
  ruby

DEPENDENCIES
  rake (>= 0.8.3)
  rcov
  redgreen
  sqlite3
  turn
  wherex!
