PATH
  remote: .
  specs:
    wherex (1.0.8)
      activerecord (~> 3.0)
      arel (~> 2.0)

GEM
  remote: http://rubygems.org/
  specs:
    activemodel (3.1.12)
      activesupport (= 3.1.12)
      builder (~> 3.0.0)
      i18n (~> 0.6)
    activerecord (3.1.12)
      activemodel (= 3.1.12)
      activesupport (= 3.1.12)
      arel (~> 2.2.3)
      tzinfo (~> 0.3.29)
    activesupport (3.1.12)
      multi_json (~> 1.0)
    ansi (1.4.3)
    arel (2.2.3)
    builder (3.0.4)
    docile (1.1.5)
    i18n (0.6.11)
    minitest (4.7.5)
    multi_json (1.10.1)
    rake (10.4.0)
    redgreen (1.2.2)
    simplecov (0.9.1)
      docile (~> 1.1.0)
      multi_json (~> 1.0)
      simplecov-html (~> 0.8.0)
    simplecov-html (0.8.0)
    sqlite3 (1.3.10)
    turn (0.9.7)
      ansi
      minitest (~> 4)
    tzinfo (0.3.42)

PLATFORMS
  ruby

DEPENDENCIES
  rake (>= 1.0)
  redgreen
  simplecov (>= 0.8.0)
  sqlite3 (>= 1.3.7)
  turn
  wherex!
